GEM
  specs:
    addressable (2.8.0)
      public_suffix (>= 2.0.2, < 5.0)
    git (1.12.0)
      addressable (~> 2.8)
      rchardet (~> 1.8)
    git_release_notes (0.0.3)
      git (~> 1.12)
    public_suffix (4.0.6)
    rchardet (1.8.0)

PLATFORMS
  arm64-darwin-21

DEPENDENCIES
  git_release_notes (~> 0.0.3)

BUNDLED WITH
   2.3.3
